PATH
  remote: .
  specs:
    dorian-sort-json (0.4.1)

GEM
  remote: https://rubygems.org/
  specs:

PLATFORMS
  arm64-darwin-23
  ruby

DEPENDENCIES
  dorian-sort-json!

RUBY VERSION
   ruby 3.3.0p0

BUNDLED WITH
   2.5.6
